GEM
  remote: https://rubygems.org/
  specs:
    mini_portile2 (2.1.0)
    nokogiri (1.7.1)
      mini_portile2 (~> 2.1.0)
    nori (2.6.0)
    rubyzip (1.2.1)

PLATFORMS
  ruby

DEPENDENCIES
  nokogiri
  nori
  rubyzip

RUBY VERSION
   ruby 2.4.1p111

BUNDLED WITH
   1.14.6
